GEM
  remote: https://rubygems.org/
  specs:
    ansi (1.5.0)
    builder (3.2.2)
    byebug (9.0.6)
    coderay (1.1.1)
    cuba (3.8.0)
      rack (>= 1.6.0)
    method_source (0.8.2)
    minitest (5.9.1)
    minitest-reporters (1.1.11)
      ansi
      builder
      minitest (>= 5.0)
      ruby-progressbar
    mote (1.1.4)
    mote-render (1.1.0)
    pry (0.10.4)
      coderay (~> 1.1.0)
      method_source (~> 0.8.1)
      slop (~> 3.4)
    pry-byebug (3.4.0)
      byebug (~> 9.0)
      pry (~> 0.10)
    rack (2.0.1)
    ruby-progressbar (1.8.1)
    shotgun (0.9.2)
      rack (>= 1.0)
    slop (3.6.0)

PLATFORMS
  ruby

DEPENDENCIES
  cuba
  minitest-reporters
  mote
  mote-render
  pry-byebug
  shotgun

BUNDLED WITH
   1.13.2
